GEM
  remote: http://rubygems.org/
  specs:
    crack (0.1.8)
    json (1.4.6)
    pusher (0.6.0)
      crack
      json
      ruby-hmac
      signature
    rack (1.2.1)
    ruby-hmac (0.4.0)
    signature (0.1.1)
      ruby-hmac
    sinatra (1.0)
      rack (>= 1.0)

PLATFORMS
  ruby

DEPENDENCIES
  pusher
  sinatra
